PATH
  remote: .
  specs:
    bitcoin-ruby (0.0.20)
      eventmachine
      ffi
      scrypt

GEM
  remote: https://rubygems.org/
  specs:
    ast (2.4.0)
    bacon (1.2.0)
    byebug (10.0.2)
    coderay (1.1.3)
    debug (1.9.2)
      irb (~> 1.10)
      reline (>= 0.3.8)
    diff-lcs (1.3)
    docile (1.3.1)
    eventmachine (1.2.7)
    ffi (1.17.0)
    ffi-compiler (1.3.2)
      ffi (>= 1.15.5)
      rake
    io-console (0.7.2)
    irb (1.14.1)
      rdoc (>= 4.0.0)
      reline (>= 0.4.2)
    jaro_winkler (1.5.1)
    json (2.8.2)
    method_source (0.9.2)
    minitest (5.11.3)
    parallel (1.12.1)
    parser (2.5.1.2)
      ast (~> 2.4.0)
    powerpack (0.1.2)
    pry (0.11.3)
      coderay (~> 1.1.0)
      method_source (~> 0.9.0)
    pry-byebug (3.6.0)
      byebug (~> 10.0)
      pry (~> 0.10)
    psych (5.2.0)
      stringio
    rainbow (3.0.0)
    rake (12.3.3)
    rdoc (6.8.1)
      psych (>= 4.0.0)
    reline (0.5.11)
      io-console (~> 0.5)
    rspec (3.7.0)
      rspec-core (~> 3.7.0)
      rspec-expectations (~> 3.7.0)
      rspec-mocks (~> 3.7.0)
    rspec-core (3.7.1)
      rspec-support (~> 3.7.0)
    rspec-expectations (3.7.0)
      diff-lcs (>= 1.2.0, < 2.0)
      rspec-support (~> 3.7.0)
    rspec-mocks (3.7.0)
      diff-lcs (>= 1.2.0, < 2.0)
      rspec-support (~> 3.7.0)
    rspec-support (3.7.1)
    rubocop (0.58.2)
      jaro_winkler (~> 1.5.1)
      parallel (~> 1.10)
      parser (>= 2.5, != 2.5.1.1)
      powerpack (~> 0.1)
      rainbow (>= 2.2.2, < 4.0)
      ruby-progressbar (~> 1.7)
      unicode-display_width (~> 1.0, >= 1.0.1)
    ruby-progressbar (1.9.0)
    scrypt (3.0.8)
      ffi-compiler (>= 1.0, < 2.0)
      rake (>= 9, < 14)
    simplecov (0.16.1)
      docile (~> 1.1)
      json (>= 1.8, < 3)
      simplecov-html (~> 0.10.0)
    simplecov-html (0.10.2)
    stringio (3.1.2)
    unicode-display_width (1.4.0)

PLATFORMS
  ruby

DEPENDENCIES
  bacon (~> 1.2.0)
  bitcoin-ruby!
  debug
  minitest (~> 5.11.3)
  pry (~> 0.11.3)
  pry-byebug (~> 3.6.0)
  rake (~> 12.3.1)
  rspec (~> 3.7.0)
  rubocop (~> 0.58.2)
  simplecov (~> 0.16.1)

BUNDLED WITH
   2.5.23
